GIT
  remote: https://github.com/shardlab/discordrb
  revision: 57599e838fc1583e709088f3f06c9f7fdfb99cc9
  ref: v3.4.2
  specs:
    discordrb (3.4.2)
      discordrb-webhooks (~> 3.4.2)
      ffi (>= 1.9.24)
      opus-ruby
      rest-client (>= 2.0.0)
      websocket-client-simple (>= 0.3.0)
    discordrb-webhooks (3.4.2)
      rest-client (>= 2.0.0)

GEM
  remote: https://rubygems.org/
  specs:
    domain_name (0.5.20190701)
      unf (>= 0.0.5, < 1.0.0)
    dotenv (2.8.1)
    event_emitter (0.2.6)
    ffi (1.15.5-x64-mingw-ucrt)
    http-accept (1.7.0)
    http-cookie (1.0.5)
      domain_name (~> 0.5)
    mime-types (3.4.1)
      mime-types-data (~> 3.2015)
    mime-types-data (3.2023.0218.1)
    netrc (0.11.0)
    opus-ruby (1.0.1)
      ffi
    rest-client (2.1.0)
      http-accept (>= 1.7.0, < 2.0)
      http-cookie (>= 1.0.2, < 2.0)
      mime-types (>= 1.16, < 4.0)
      netrc (~> 0.8)
    unf (0.1.4)
      unf_ext
    unf_ext (0.0.8.2-x64-mingw-ucrt)
    websocket (1.2.9)
    websocket-client-simple (0.6.1)
      event_emitter
      websocket

PLATFORMS
  x64-mingw-ucrt

DEPENDENCIES
  discordrb!
  dotenv (~> 2.8, >= 2.8.1)

BUNDLED WITH
   2.3.26
